GEM
  remote: https://rubygems.org/
  specs:
    os (1.1.4)

PLATFORMS
  x86_64-linux

DEPENDENCIES
  os (~> 1.1, >= 1.1.4)

BUNDLED WITH
   2.4.2
